GEM
  specs:
    docile (1.4.0)
    rake (13.0.3)
    require_all (3.0.0)
    simplecov (0.21.2)
      docile (~> 1.1)
      simplecov-html (~> 0.11)
      simplecov_json_formatter (~> 0.1)
    simplecov-html (0.12.3)
    simplecov_json_formatter (0.1.3)

PLATFORMS
  arm64-darwin-20

DEPENDENCIES
  rake
  require_all
  simplecov

RUBY VERSION
   ruby 3.0.1p64

BUNDLED WITH
   2.2.24
